GEM
  remote: https://rubygems.org/
  specs:
    ethon (0.12.0)
      ffi (>= 1.3.0)
    ffi (1.14.2)
    oauth (0.5.5)
    typhoeus (1.4.0)
      ethon (>= 0.9.0)
    xml-simple (1.1.8)

PLATFORMS
  ruby

DEPENDENCIES
  oauth (~> 0.5.5)
  typhoeus (~> 1.4)
  xml-simple (~> 1.1)

RUBY VERSION
   ruby 2.7.1p83

BUNDLED WITH
   2.1.4
