GEM
  remote: https://rubygems.org/
  specs:
    ethon (0.12.0)
      ffi (>= 1.3.0)
    faraday (1.3.0)
      faraday-net_http (~> 1.0)
      multipart-post (>= 1.2, < 3)
      ruby2_keywords
    faraday-net_http (1.0.1)
    ffi (1.14.2)
    multipart-post (2.1.1)
    oauth (0.5.5)
    ruby2_keywords (0.0.4)
    typhoeus (1.4.0)
      ethon (>= 0.9.0)

PLATFORMS
  ruby

DEPENDENCIES
  faraday (~> 1.3)
  oauth (~> 0.5.5)
  typhoeus (~> 1.4)

RUBY VERSION
   ruby 2.7.1p83

BUNDLED WITH
   2.1.4
